GEM
  remote: https://rubygems.org/
  specs:
    coderay (1.1.3)
    concurrent-ruby (1.3.4)
    concurrent-ruby-edge (0.7.1)
      concurrent-ruby (~> 1.3)
    method_source (1.1.0)
    mini_portile2 (2.8.8)
    nokogiri (1.15.7)
      mini_portile2 (~> 2.8.2)
      racc (~> 1.4)
    parallel (1.26.3)
    pry (0.15.0)
      coderay (~> 1.1)
      method_source (~> 1.0)
    racc (1.8.1)

PLATFORMS
  ruby

DEPENDENCIES
  concurrent-ruby
  concurrent-ruby-edge
  nokogiri (~> 1.15)
  parallel (~> 1.26, >= 1.26.3)
  pry

BUNDLED WITH
   2.1.4
