GEM
  remote: https://rubygems.org/
  specs:
    async (1.32.1)
      console (~> 1.10)
      nio4r (~> 2.3)
      timers (~> 4.1)
    bigdecimal (3.1.8)
    coderay (1.1.3)
    console (1.19.0)
      fiber-annotation
      fiber-local
    fiber-annotation (0.2.0)
    fiber-local (1.0.0)
    method_source (1.1.0)
    mini_portile2 (2.8.8)
    nio4r (2.7.4)
    nokogiri (1.15.7)
      mini_portile2 (~> 2.8.2)
      racc (~> 1.4)
    oj (3.16.7)
      bigdecimal (>= 3.0)
      ostruct (>= 0.2)
    ostruct (0.6.1)
    pry (0.15.0)
      coderay (~> 1.1)
      method_source (~> 1.0)
    racc (1.8.1)
    timers (4.3.5)

PLATFORMS
  ruby

DEPENDENCIES
  async (~> 1.32)
  nokogiri (~> 1.15)
  oj
  pry

BUNDLED WITH
   2.1.4
